PATH
  remote: .
  specs:
    git-heroes (0.0.2)
      dotenv
      faraday-http-cache
      octokit
      redis
      redis-activesupport
      working_hours

GEM
  remote: http://eu.yarp.io/
  specs:
    activesupport (4.0.2)
      i18n (~> 0.6, >= 0.6.4)
      minitest (~> 4.2)
      multi_json (~> 1.3)
      thread_safe (~> 0.1)
      tzinfo (~> 0.3.37)
    addressable (2.3.6)
    atomic (1.1.14)
    coderay (1.1.0)
    dotenv (0.9.0)
    faraday (0.9.0)
      multipart-post (>= 1.2, < 3)
    faraday-http-cache (0.4.0)
      faraday (~> 0.8)
    i18n (0.6.9)
    method_source (0.8.2)
    minitest (4.7.5)
    multi_json (1.8.4)
    multipart-post (2.0.0)
    octokit (3.2.0)
      sawyer (~> 0.5.3)
    pry (0.9.12.6)
      coderay (~> 1.0)
      method_source (~> 0.8)
      slop (~> 3.4)
    pry-nav (0.2.3)
      pry (~> 0.9.10)
    rake (10.1.1)
    redis (3.0.7)
    redis-activesupport (4.0.0)
      activesupport (~> 4)
      redis-store (~> 1.1.0)
    redis-store (1.1.4)
      redis (>= 2.2)
    sawyer (0.5.4)
      addressable (~> 2.3.5)
      faraday (~> 0.8, < 0.10)
    slop (3.4.7)
    thread_safe (0.1.3)
      atomic
    tzinfo (0.3.38)
    working_hours (1.1.2)
      activesupport (>= 3.2)
      tzinfo

PLATFORMS
  ruby

DEPENDENCIES
  bundler (~> 1.3)
  git-heroes!
  pry
  pry-nav
  rake

BUNDLED WITH
   1.10.6
