PATH
  remote: .
  specs:
    git-heroes (0.0.2)
      dotenv
      faraday-http-cache
      net-http-persistent
      octokit
      redis
      redis-activesupport
      working_hours

GEM
  remote: https://rubygems.org/
  specs:
    activesupport (4.2.5.1)
      i18n (~> 0.7)
      json (~> 1.7, >= 1.7.7)
      minitest (~> 5.1)
      thread_safe (~> 0.3, >= 0.3.4)
      tzinfo (~> 1.1)
    addressable (2.3.8)
    coderay (1.1.0)
    dotenv (2.1.0)
    faraday (0.9.2)
      multipart-post (>= 1.2, < 3)
    faraday-http-cache (1.2.2)
      faraday (~> 0.8)
    i18n (0.7.0)
    json (1.8.3)
    method_source (0.8.2)
    minitest (5.8.4)
    multipart-post (2.0.0)
    net-http-persistent (2.9.4)
    octokit (4.2.0)
      sawyer (~> 0.6.0, >= 0.5.3)
    pry (0.9.12.6)
      coderay (~> 1.0)
      method_source (~> 0.8)
      slop (~> 3.4)
    pry-nav (0.2.3)
      pry (~> 0.9.10)
    rake (10.1.1)
    redis (3.2.2)
    redis-activesupport (4.1.5)
      activesupport (>= 3, < 5)
      redis-store (~> 1.1.0)
    redis-store (1.1.7)
      redis (>= 2.2)
    sawyer (0.6.0)
      addressable (~> 2.3.5)
      faraday (~> 0.8, < 0.10)
    slop (3.4.7)
    thread_safe (0.3.5)
    tzinfo (1.2.2)
      thread_safe (~> 0.1)
    working_hours (1.1.2)
      activesupport (>= 3.2)
      tzinfo

PLATFORMS
  ruby

DEPENDENCIES
  bundler (~> 1.3)
  git-heroes!
  pry
  pry-nav
  rake

BUNDLED WITH
   1.10.6
